PATH
  remote: .
  specs:
    rubocop-ast (0.0.1)
      parser (>= 2.7.0.1)

GEM
  remote: https://rubygems.org/
  specs:
    ast (2.4.0)
    coderay (1.1.2)
    diff-lcs (1.3)
    docile (1.3.2)
    json (2.3.0)
    method_source (0.9.2)
    parser (2.7.1.2)
      ast (~> 2.4.0)
    pry (0.12.2)
      coderay (~> 1.1.0)
      method_source (~> 0.9.0)
    rake (12.3.3)
    rspec (3.9.0)
      rspec-core (~> 3.9.0)
      rspec-expectations (~> 3.9.0)
      rspec-mocks (~> 3.9.0)
    rspec-core (3.9.1)
      rspec-support (~> 3.9.1)
    rspec-expectations (3.9.0)
      diff-lcs (>= 1.2.0, < 2.0)
      rspec-support (~> 3.9.0)
    rspec-mocks (3.9.1)
      diff-lcs (>= 1.2.0, < 2.0)
      rspec-support (~> 3.9.0)
    rspec-support (3.9.2)
    simplecov (0.17.1)
      docile (~> 1.1)
      json (>= 1.8, < 3)
      simplecov-html (~> 0.10.0)
    simplecov-html (0.10.2)
    test-queue (0.4.2)
    yard (0.9.24)

PLATFORMS
  ruby

DEPENDENCIES
  bundler (>= 1.15.0, < 3.0)
  pry
  rake (~> 12.0)
  rspec (~> 3.7)
  rubocop-ast!
  simplecov (~> 0.10, < 0.18)
  test-queue
  yard (~> 0.9)

BUNDLED WITH
   2.1.4
